GEM
  remote: https://rubygems.org/
  specs:
    mysql2 (0.5.3)

PLATFORMS
  x86_64-linux

DEPENDENCIES
  mysql2 (~> 0.5.2)

BUNDLED WITH
   2.2.16
